PATH
  remote: .
  specs:
    let_us_hide (1.0.0)
      confiture (~> 0.1.4)
      json (~> 1.8.1)

GEM
  remote: https://rubygems.org/
  specs:
    confiture (0.1.4)
    json (1.8.1)
    rake (10.1.0)

PLATFORMS
  ruby

DEPENDENCIES
  bundler (~> 1.6)
  let_us_hide!
  rake
